GEM
  remote: https://rubygems.org/
  specs:
    pg (1.1.4)

PLATFORMS
  ruby

DEPENDENCIES
  pg (~> 1.1)

RUBY VERSION
   ruby 2.6.0p0

BUNDLED WITH
   2.0.2
